GEM
  remote: https://ruby.taobao.org/
  specs:

PLATFORMS
  ruby

DEPENDENCIES

BUNDLED WITH
   1.10.3
